GEM
  remote: http://rubygems.org/
  specs:
    rack (1.6.0)
    rack-contrib (1.2.0)
      rack (>= 0.9.1)

PLATFORMS
  ruby

DEPENDENCIES
  rack
  rack-contrib
